GIT
  remote: https://github.com/freelancing-god/thinking-sphinx.git
  revision: e70dcb6b126022f9e5f94a8870c1892deabb4fe5
  specs:
    thinking-sphinx (1.4.9)
      activerecord (>= 1.15.6, < 3.0.0)
      after_commit (>= 1.0.7)
      builder (>= 2.1.2)
      riddle (>= 1.3.3)

GIT
  remote: https://github.com/wycats/rufo.git
  revision: 83c6c734a91cb5891672d5fdcc8078ec973b153b
  specs:
    ufo (0.6.0)

GEM
  remote: http://rubygems.org/
  specs:
    actionmailer (2.3.3)
      actionpack (= 2.3.3)
    actionpack (2.3.3)
      activesupport (= 2.3.3)
      rack (~> 1.0.0)
    activerecord (2.3.3)
      activesupport (= 2.3.3)
    activerecord-jdbc-adapter (1.2.0)
    activerecord-jdbcmysql-adapter (1.2.0)
      activerecord-jdbc-adapter (~> 1.2.0)
      jdbc-mysql (~> 5.1.0)
    activeresource (2.3.3)
      activesupport (= 2.3.3)
    activesupport (2.3.3)
    after_commit (1.0.10)
      activerecord (>= 1.15.6, < 3.0.0)
    builder (3.0.0)
    jdbc-mysql (5.1.13)
    rack (1.0.1)
    rails (2.3.3)
      actionmailer (= 2.3.3)
      actionpack (= 2.3.3)
      activerecord (= 2.3.3)
      activeresource (= 2.3.3)
      activesupport (= 2.3.3)
      rake (>= 0.8.3)
    rake (0.9.2)
    riddle (1.4.0)

PLATFORMS
  java
  ruby

DEPENDENCIES
  activerecord-jdbcmysql-adapter
  rails (= 2.3.3)
  thinking-sphinx!
  ufo!
